PATH
  remote: .
  specs:
    rubytree (0.9.3)
      json (~> 1.7.6)

GEM
  remote: https://rubygems.org/
  specs:
    coveralls (0.7.0)
      multi_json (~> 1.3)
      rest-client
      simplecov (>= 0.7)
      term-ansicolor
      thor
    docile (1.1.2)
    json (1.7.7)
    mime-types (2.0)
    multi_json (1.8.4)
    rake (10.1.1)
    rdoc (4.1.1)
      json (~> 1.4)
    rest-client (1.6.7)
      mime-types (>= 1.16)
    simplecov (0.8.2)
      docile (~> 1.1.0)
      multi_json
      simplecov-html (~> 0.8.0)
    simplecov-html (0.8.0)
    term-ansicolor (1.2.2)
      tins (~> 0.8)
    thor (0.18.1)
    tins (0.13.1)
    yard (0.8.7.3)

PLATFORMS
  ruby

DEPENDENCIES
  bundler (~> 1.5)
  coveralls (>= 0.7)
  rake (~> 10.1)
  rdoc (~> 4.1)
  rubytree!
  yard (~> 0.8)
